GEM
  remote: https://rubygems.org/
  specs:
    actionmailer (2.3.4)
      actionpack (= 2.3.4)
    actionpack (2.3.4)
      activesupport (= 2.3.4)
      rack (~> 1.0.0)
    activerecord (2.3.4)
      activesupport (= 2.3.4)
    activeresource (2.3.4)
      activesupport (= 2.3.4)
    activesupport (2.3.4)
    mysql (2.9.1)
    rack (1.0.1)
    rails (2.3.4)
      actionmailer (= 2.3.4)
      actionpack (= 2.3.4)
      activerecord (= 2.3.4)
      activeresource (= 2.3.4)
      activesupport (= 2.3.4)
      rake (>= 0.8.3)
    rake (0.8.7)

PLATFORMS
  ruby

DEPENDENCIES
  mysql
  rails (= 2.3.4)
  rake (= 0.8.7)
