GEM
  remote: https://rubygems.org/
  specs:
    actionmailer (2.3.4)
      actionpack (= 2.3.4)
    actionpack (2.3.4)
      activesupport (= 2.3.4)
      rack (~> 1.0.0)
    activerecord (2.3.4)
      activesupport (= 2.3.4)
    activeresource (2.3.4)
      activesupport (= 2.3.4)
    activesupport (2.3.4)
    haml (2.2.3)
    pg (0.17.1)
    rack (1.0.1)
    rails (2.3.4)
      actionmailer (= 2.3.4)
      actionpack (= 2.3.4)
      activerecord (= 2.3.4)
      activeresource (= 2.3.4)
      activesupport (= 2.3.4)
      rake (>= 0.8.3)
    rake (0.8.7)
    rspec (1.2.9)
    rspec-rails (1.2.9)
      rack (>= 1.0.0)
      rspec (>= 1.2.9)

PLATFORMS
  ruby

DEPENDENCIES
  haml (= 2.2.3)
  pg
  rails (= 2.3.4)
  rake (= 0.8.7)
  rspec (= 1.2.9)
  rspec-rails (= 1.2.9)
